GIT
  remote: https://github.com/muffinista/namey.git
  revision: 10e62cba0bab2603f95ad454f752c1dc93685461
  specs:
    namey (0.0.12)
      sequel (~> 5.0.0)
      sqlite3

GEM
  remote: https://rubygems.org/
  specs:
    mustermann (1.1.1)
      ruby2_keywords (~> 0.0.1)
    nio4r (2.5.8)
    puma (5.6.4)
      nio4r (~> 2.0)
    rack (2.2.3.1)
    rack-protection (2.2.0)
      rack
    ruby2_keywords (0.0.5)
    sequel (5.0.0)
    shotgun (0.9.2)
      rack (>= 1.0)
    sinatra (2.2.0)
      mustermann (~> 1.0)
      rack (~> 2.2)
      rack-protection (= 2.2.0)
      tilt (~> 2.0)
    sinatra-cors (1.2.0)
    sqlite3 (1.4.2)
    tilt (2.0.10)

PLATFORMS
  ruby

DEPENDENCIES
  namey!
  puma (~> 5.6.4)
  shotgun
  sinatra (~> 2.2.0)
  sinatra-cors
  sqlite3

BUNDLED WITH
   1.17.3
