GIT
  remote: https://github.com/muffinista/namey.git
  revision: 10e62cba0bab2603f95ad454f752c1dc93685461
  specs:
    namey (0.0.12)
      sequel (~> 5.0.0)
      sqlite3

GEM
  remote: https://rubygems.org/
  specs:
    mustermann (1.0.3)
    puma (3.12.2)
    rack (2.0.7)
    rack-protection (2.0.5)
      rack
    sequel (5.0.0)
    shotgun (0.9.2)
      rack (>= 1.0)
    sinatra (2.0.5)
      mustermann (~> 1.0)
      rack (~> 2.0)
      rack-protection (= 2.0.5)
      tilt (~> 2.0)
    sinatra-cors (1.1.0)
    sqlite3 (1.4.0)
    tilt (2.0.9)

PLATFORMS
  ruby

DEPENDENCIES
  namey!
  puma (~> 3.12.2)
  shotgun
  sinatra (~> 2.0.5)
  sinatra-cors
  sqlite3

BUNDLED WITH
   1.17.1
