GIT
  remote: https://github.com/muffinista/namey.git
  revision: 10e62cba0bab2603f95ad454f752c1dc93685461
  specs:
    namey (0.0.12)
      sequel (~> 5.0.0)
      sqlite3

GEM
  remote: https://rubygems.org/
  specs:
    mustermann (3.0.0)
      ruby2_keywords (~> 0.0.1)
    nio4r (2.7.0)
    puma (6.4.2)
      nio4r (~> 2.0)
    rack (2.2.8.1)
    rack-protection (3.0.5)
      rack
    ruby2_keywords (0.0.5)
    sequel (5.0.0)
    shotgun (0.9.2)
      rack (>= 1.0)
    sinatra (3.0.5)
      mustermann (~> 3.0)
      rack (~> 2.2, >= 2.2.4)
      rack-protection (= 3.0.5)
      tilt (~> 2.0)
    sinatra-cors (1.2.0)
    sqlite3 (1.4.2)
    tilt (2.0.11)

PLATFORMS
  ruby

DEPENDENCIES
  namey!
  puma (~> 6.4.2)
  shotgun
  sinatra (~> 3.0.5)
  sinatra-cors
  sqlite3

BUNDLED WITH
   1.17.3
